PATH
  remote: .
  specs:
    castronaut (0.7.5)
      activerecord (~> 2.2)
      activesupport (~> 2.2)
      crypt-isaac (~> 0.9)
      json (~> 1.5.1)
      mysql
      ruby-net-ldap
      sinatra (~> 1.0)
      sqlite3 (~> 1.3.1)

GEM
  remote: http://rubygems.org/
  specs:
    activerecord (2.3.11)
      activesupport (= 2.3.11)
    activesupport (2.3.11)
    archive-tar-minitar (0.5.2)
    columnize (0.3.2)
    crypt-isaac (0.9.1)
    hoe (2.9.1)
      rake (>= 0.8.7)
    json (1.5.1)
    linecache19 (0.5.11)
      ruby_core_source (>= 0.1.4)
    mysql (2.8.1)
    rack (1.2.1)
    rack-test (0.5.7)
      rack (>= 1.0)
    rake (0.8.7)
    rcov (0.9.9)
    rspec (1.3.1)
    ruby-debug-base19 (0.11.24)
      columnize (>= 0.3.1)
      linecache19 (>= 0.5.11)
      ruby_core_source (>= 0.1.4)
    ruby-debug19 (0.11.6)
      columnize (>= 0.3.1)
      linecache19 (>= 0.5.11)
      ruby-debug-base19 (>= 0.11.19)
    ruby-net-ldap (0.0.4)
    ruby_core_source (0.1.4)
      archive-tar-minitar (>= 0.5.2)
    sinatra (1.1.3)
      rack (~> 1.1)
      tilt (>= 1.2.2, < 2.0)
    sqlite3 (1.3.3)
    test-unit (1.2.3)
      hoe (>= 1.5.1)
    tilt (1.2.2)

PLATFORMS
  ruby

DEPENDENCIES
  castronaut!
  rack-test
  rake
  rcov
  rspec (= 1.3.1)
  ruby-debug19
  test-unit (= 1.2.3)
